GEM
  remote: https://rubygems.org/
  specs:
    minifyrb (0.1.2)
      prism (>= 1.0.0)
    prism (1.4.0)

PLATFORMS
  arm64-darwin
  ruby

DEPENDENCIES
  minifyrb (~> 0.1, >= 0.1.2)

RUBY VERSION
   ruby 3.4.5p51

BUNDLED WITH
   2.6.9
